GEM
  remote: https://rubygems.org/
  specs:
    ffi (1.15.5)
    jekyll-watch (2.2.1)
      listen (~> 3.0)
    listen (3.7.1)
      rb-fsevent (~> 0.10, >= 0.10.3)
      rb-inotify (~> 0.9, >= 0.9.10)
    rb-fsevent (0.11.1)
    rb-inotify (0.10.1)
      ffi (~> 1.0)
    webrick (1.7.0)

PLATFORMS
  x86_64-linux

DEPENDENCIES
  jekyll-watch
  webrick (~> 1.7)

BUNDLED WITH
   2.3.14
